GEM
  remote: https://rubygems.org/
  specs:
    faraday (0.15.3)
      multipart-post (>= 1.2, < 3)
    hashie (3.6.0)
    inifile (3.0.0)
    json (2.1.0)
    jwt (2.1.0)
    linkedin (1.1.1)
      hashie (~> 3.0)
      multi_json (~> 1.0)
      oauth2 (~> 1.0)
    mini_portile2 (2.3.0)
    multi_json (1.13.1)
    multi_xml (0.6.0)
    multipart-post (2.0.0)
    nokogiri (1.8.5)
      mini_portile2 (~> 2.3.0)
    oauth (0.4.7)
    oauth2 (1.4.1)
      faraday (>= 0.8, < 0.16.0)
      jwt (>= 1.0, < 3.0)
      multi_json (~> 1.3)
      multi_xml (~> 0.5)
      rack (>= 1.2, < 3)
    rack (2.0.6)
    rubyipmi (0.10.0)
    simple-graphite (2.1.0)
    snmp (1.3.1)

PLATFORMS
  ruby

DEPENDENCIES
  inifile (~> 3.0.0)
  json
  linkedin
  nokogiri
  oauth (~> 0.4.7)
  rubyipmi
  simple-graphite
  snmp

BUNDLED WITH
   1.17.1
