GEM
  remote: https://rubygems.org/
  specs:
    hashie (3.4.2)
    inifile (3.0.0)
    json (1.8.3)
    linkedin (1.0.0)
      hashie (~> 3.0)
      multi_json (~> 1.0)
      oauth (~> 0.4)
    mini_portile (0.6.2)
    multi_json (1.11.2)
    nokogiri (1.6.6.2)
      mini_portile (~> 0.6.0)
    oauth (0.4.7)
    rubyipmi (0.10.0)
    simple-graphite (2.1.0)
    snmp (1.2.0)

PLATFORMS
  ruby

DEPENDENCIES
  inifile (~> 3.0.0)
  json
  linkedin
  nokogiri
  oauth (~> 0.4.7)
  rubyipmi
  simple-graphite
  snmp
